GEM
  remote: https://rubygems.org/
  specs:
    activemodel (5.0.0.1)
      activesupport (= 5.0.0.1)
    activerecord (5.0.0.1)
      activemodel (= 5.0.0.1)
      activesupport (= 5.0.0.1)
      arel (~> 7.0)
    activesupport (5.0.0.1)
      concurrent-ruby (~> 1.0, >= 1.0.2)
      i18n (~> 0.7)
      minitest (~> 5.1)
      tzinfo (~> 1.1)
    arel (7.1.2)
    concurrent-ruby (1.0.2)
    i18n (0.7.0)
    json (2.0.2)
    minitest (5.8.4)
    multi_json (1.12.1)
    mysql2 (0.4.4)
    rack (1.6.4)
    rack-protection (1.5.3)
      rack
    sinatra (1.4.7)
      rack (~> 1.5)
      rack-protection (~> 1.4)
      tilt (>= 1.3, < 3)
    sinatra-json (0.1.0)
      multi_json (~> 1.0)
      sinatra (~> 1.0)
    sqlite3 (1.3.12)
    thread_safe (0.3.5)
    tilt (2.0.5)
    tzinfo (1.2.2)
      thread_safe (~> 0.1)

PLATFORMS
  ruby

DEPENDENCIES
  activerecord
  json
  mysql2
  sinatra
  sinatra-json
  sqlite3

BUNDLED WITH
   1.13.1
